GEM
  remote: https://rubygems.org/
  specs:
    commander (4.3.4)
      highline (~> 1.7.2)
    highline (1.7.3)

PLATFORMS
  ruby

DEPENDENCIES
  commander (~> 4.3.4)
